GIT
  remote: git://github.com/everypolitician/everypoliticianbot.git
  revision: 736835a753e2f0b88fe51ff186d4831ee5b56797
  specs:
    everypoliticianbot (0.1.0)
      git (~> 1.2)
      octokit (~> 4.1)

GEM
  remote: https://rubygems.org/
  specs:
    activesupport (4.2.4)
      i18n (~> 0.7)
      json (~> 1.7, >= 1.7.7)
      minitest (~> 5.1)
      thread_safe (~> 0.3, >= 0.3.4)
      tzinfo (~> 1.1)
    addressable (2.3.8)
    celluloid (0.17.2)
      celluloid-essentials
      celluloid-extras
      celluloid-fsm
      celluloid-pool
      celluloid-supervision
      timers (>= 4.1.1)
    celluloid-essentials (0.20.5)
      timers (>= 4.1.1)
    celluloid-extras (0.20.5)
      timers (>= 4.1.1)
    celluloid-fsm (0.20.5)
      timers (>= 4.1.1)
    celluloid-pool (0.20.5)
      timers (>= 4.1.1)
    celluloid-supervision (0.20.5)
      timers (>= 4.1.1)
    colorize (0.7.7)
    connection_pool (2.2.0)
    dotenv (2.0.2)
    faraday (0.9.2)
      multipart-post (>= 1.2, < 3)
    git (1.2.9.1)
    hitimes (1.2.3)
    i18n (0.7.0)
    json (1.8.3)
    minitest (5.8.1)
    multi_json (1.11.2)
    multipart-post (2.0.0)
    octokit (4.1.1)
      sawyer (~> 0.6.0, >= 0.5.3)
    oj (2.12.14)
    puma (2.14.0)
    rack (1.6.4)
    rack-protection (1.5.3)
      rack
    rack-test (0.6.3)
      rack (>= 1.0)
    rake (10.4.2)
    redis (3.2.1)
    redis-namespace (1.5.2)
      redis (~> 3.0, >= 3.0.4)
    rollbar (2.4.0)
      multi_json
    sawyer (0.6.0)
      addressable (~> 2.3.5)
      faraday (~> 0.8, < 0.10)
    sidekiq (3.5.1)
      celluloid (~> 0.17.2)
      connection_pool (~> 2.2, >= 2.2.0)
      json (~> 1.0)
      redis (~> 3.2, >= 3.2.1)
      redis-namespace (~> 1.5, >= 1.5.2)
    sinatra (1.4.6)
      rack (~> 1.4)
      rack-protection (~> 1.4)
      tilt (>= 1.3, < 3)
    thread_safe (0.3.5)
    tilt (2.0.1)
    timers (4.1.1)
      hitimes
    tzinfo (1.2.2)
      thread_safe (~> 0.1)

PLATFORMS
  ruby

DEPENDENCIES
  activesupport
  colorize
  dotenv
  everypoliticianbot!
  minitest
  octokit
  oj (~> 2.12.14)
  puma
  rack-test
  rake
  rollbar (~> 2.4.0)
  sidekiq
  sinatra

BUNDLED WITH
   1.10.6
